GEM
  specs:
    addressable (2.2.0)
    data_objects (0.10.2)
      addressable (~> 2.1)
    dm-aggregates (1.0.2)
      dm-core (~> 1.0.2)
    dm-core (1.0.2)
      addressable (~> 2.2)
      extlib (~> 0.9.15)
    dm-do-adapter (1.0.2)
      data_objects (~> 0.10.2)
      dm-core (~> 1.0.2)
    dm-migrations (1.0.2)
      dm-core (~> 1.0.2)
    dm-sqlite-adapter (1.0.2)
      dm-do-adapter (~> 1.0.2)
      do_sqlite3 (~> 0.10.2)
    dm-timestamps (1.0.2)
      dm-core (~> 1.0.2)
    do_sqlite3 (0.10.2)
      data_objects (= 0.10.2)
    extlib (0.9.15)
    rack (1.2.1)
    sinatra (1.0)
      rack (>= 1.0)
    ya2yaml (0.29.2)

PLATFORMS
  ruby

DEPENDENCIES
  dm-aggregates (~> 1.0.0)
  dm-core (~> 1.0.0)
  dm-migrations (~> 1.0.0)
  dm-sqlite-adapter (~> 1.0.0)
  dm-timestamps (~> 1.0.0)
  do_sqlite3 (~> 0.10.2)
  sinatra (~> 1.0)
  ya2yaml (~> 0.29.2)
